GEM
  remote: https://rubygems.org/
  specs:
    active_support (3.0.0)
      activesupport (= 3.0.0)
    activesupport (3.0.0)
    awesome_print (1.2.0)
    factory_girl (4.2.0)
      activesupport (>= 3.0.0)
    shoulda (3.5.0)
      shoulda-context (~> 1.0, >= 1.0.1)
      shoulda-matchers (>= 1.4.1, < 3.0)
    shoulda-context (1.1.5)
    shoulda-matchers (2.4.0)
      activesupport (>= 3.0.0)

PLATFORMS
  ruby

DEPENDENCIES
  active_support
  awesome_print
  factory_girl
  shoulda
